GEM
  remote: http://rubygems.org/
  specs:
    haml (4.0.5)
      tilt
    maruku (0.7.2)
    rack (1.5.2)
    sinatra (1.0)
      rack (>= 1.0)
    tilt (2.0.1)

PLATFORMS
  ruby

DEPENDENCIES
  haml
  maruku
  sinatra
  tilt
